PATH
  remote: .
  specs:
    bifrossht (0.0.1)
      gli (~> 2)

GEM
  remote: https://rubygems.org/
  specs:
    gli (2.18.2)
    rake (12.3.3)
    rdoc (6.3.2)

PLATFORMS
  ruby

DEPENDENCIES
  bifrossht!
  rake (~> 12)
  rdoc (~> 6)

BUNDLED WITH
   1.16.1
